NUGET
  remote: http://api.nuget.org/v3/index.json
  specs:
    Anjril.Common.Network (1.0.0-rc1)
    Anjril.Common.Network.TcpImpl (1.0.0-rc1)
      Anjril.Common.Network (>= 1.0.0-rc1)
