NUGET
  remote: http://api.nuget.org/v3/index.json
  specs:
    Anjril.Common.Network (1.0.0-rc2)
    Anjril.Common.Network.TcpImpl (1.0.0-rc5)
      Anjril.Common.Network (>= 1.0.0-rc2)
      Common.Logging (>= 3.3.1)
    Anjril.PokemonWorld.Common (1.0.0.1)
    Common.Logging (3.3.1)
      Common.Logging.Core (>= 3.3.1)
    Common.Logging.Core (3.3.1)
    Microsoft.CSharp (4.0.1)
      System.Collections (>= 4.0.11)
      System.Diagnostics.Debug (>= 4.0.11)
      System.Dynamic.Runtime (>= 4.0.11)
      System.Globalization (>= 4.0.11)
      System.Linq (>= 4.1.0)
      System.Linq.Expressions (>= 4.1.0)
      System.ObjectModel (>= 4.0.12)
      System.Reflection (>= 4.1.0)
      System.Reflection.Extensions (>= 4.0.1)
      System.Reflection.Primitives (>= 4.0.1)
      System.Reflection.TypeExtensions (>= 4.1.0)
      System.Resources.ResourceManager (>= 4.0.1)
      System.Runtime (>= 4.1.0)
      System.Runtime.Extensions (>= 4.1.0)
      System.Runtime.InteropServices (>= 4.1.0)
      System.Threading (>= 4.0.11)
    Microsoft.NETCore.Platforms (1.0.1)
    Microsoft.NETCore.Targets (1.0.1)
    Newtonsoft.Json (9.0.1)
      Microsoft.CSharp (>= 4.0.1)
      System.Collections (>= 4.0.11)
      System.Diagnostics.Debug (>= 4.0.11)
      System.Dynamic.Runtime (>= 4.0.11)
      System.Globalization (>= 4.0.11)
      System.IO (>= 4.1.0)
      System.Linq (>= 4.1.0)
      System.Linq.Expressions (>= 4.1.0)
      System.ObjectModel (>= 4.0.12)
      System.Reflection (>= 4.1.0)
      System.Reflection.Extensions (>= 4.0.1)
      System.Resources.ResourceManager (>= 4.0.1)
      System.Runtime (>= 4.1.0)
      System.Runtime.Extensions (>= 4.1.0)
      System.Runtime.Serialization.Primitives (>= 4.1.1)
      System.Text.Encoding (>= 4.0.11)
      System.Text.Encoding.Extensions (>= 4.0.11)
      System.Text.RegularExpressions (>= 4.1.0)
      System.Threading (>= 4.0.11)
      System.Threading.Tasks (>= 4.0.11)
      System.Xml.ReaderWriter (>= 4.0.11)
      System.Xml.XDocument (>= 4.0.11)
    System.Collections (4.0.11)
      Microsoft.NETCore.Platforms (>= 1.0.1)
      Microsoft.NETCore.Targets (>= 1.0.1)
      System.Runtime (>= 4.1.0)
    System.Diagnostics.Contracts (4.0.1) - framework: dnxcore50
      System.Runtime (>= 4.1.0)
    System.Diagnostics.Debug (4.0.11)
      Microsoft.NETCore.Platforms (>= 1.0.1)
      Microsoft.NETCore.Targets (>= 1.0.1)
      System.Runtime (>= 4.1.0)
    System.Diagnostics.Tools (4.0.1)
      Microsoft.NETCore.Platforms (>= 1.0.1)
      Microsoft.NETCore.Targets (>= 1.0.1)
      System.Runtime (>= 4.1.0)
    System.Dynamic.Runtime (4.0.11)
      System.Collections (>= 4.0.11)
      System.Diagnostics.Debug (>= 4.0.11)
      System.Globalization (>= 4.0.11)
      System.Linq (>= 4.1.0)
      System.Linq.Expressions (>= 4.1.0)
      System.ObjectModel (>= 4.0.12)
      System.Reflection (>= 4.1.0)
      System.Reflection.Emit (>= 4.0.1)
      System.Reflection.Emit.ILGeneration (>= 4.0.1)
      System.Reflection.Primitives (>= 4.0.1)
      System.Reflection.TypeExtensions (>= 4.1.0)
      System.Resources.ResourceManager (>= 4.0.1)
      System.Runtime (>= 4.1.0)
      System.Runtime.Extensions (>= 4.1.0)
      System.Threading (>= 4.0.11)
    System.Globalization (4.0.11)
      Microsoft.NETCore.Platforms (>= 1.0.1)
      Microsoft.NETCore.Targets (>= 1.0.1)
      System.Runtime (>= 4.1.0)
    System.IO (4.1.0)
      Microsoft.NETCore.Platforms (>= 1.0.1)
      Microsoft.NETCore.Targets (>= 1.0.1)
      System.Runtime (>= 4.1.0)
      System.Text.Encoding (>= 4.0.11)
      System.Threading.Tasks (>= 4.0.11)
    System.IO.FileSystem (4.0.1)
      Microsoft.NETCore.Platforms (>= 1.0.1)
      Microsoft.NETCore.Targets (>= 1.0.1)
      System.IO (>= 4.1.0)
      System.IO.FileSystem.Primitives (>= 4.0.1)
      System.Runtime (>= 4.1.0)
      System.Runtime.Handles (>= 4.0.1)
      System.Text.Encoding (>= 4.0.11)
      System.Threading.Tasks (>= 4.0.11)
    System.IO.FileSystem.Primitives (4.0.1)
      System.Runtime (>= 4.1.0)
    System.Linq (4.1.0)
      System.Collections (>= 4.0.11)
      System.Diagnostics.Debug (>= 4.0.11)
      System.Resources.ResourceManager (>= 4.0.1)
      System.Runtime (>= 4.1.0)
      System.Runtime.Extensions (>= 4.1.0)
    System.Linq.Expressions (4.1.0)
      System.Collections (>= 4.0.11)
      System.Diagnostics.Debug (>= 4.0.11)
      System.Globalization (>= 4.0.11)
      System.IO (>= 4.1.0)
      System.Linq (>= 4.1.0)
      System.ObjectModel (>= 4.0.12)
      System.Reflection (>= 4.1.0)
      System.Reflection.Emit (>= 4.0.1)
      System.Reflection.Emit.ILGeneration (>= 4.0.1)
      System.Reflection.Emit.Lightweight (>= 4.0.1)
      System.Reflection.Extensions (>= 4.0.1)
      System.Reflection.Primitives (>= 4.0.1)
      System.Reflection.TypeExtensions (>= 4.1.0)
      System.Resources.ResourceManager (>= 4.0.1)
      System.Runtime (>= 4.1.0)
      System.Runtime.Extensions (>= 4.1.0)
      System.Threading (>= 4.0.11)
    System.ObjectModel (4.0.12)
      System.Collections (>= 4.0.11)
      System.Diagnostics.Debug (>= 4.0.11)
      System.Resources.ResourceManager (>= 4.0.1)
      System.Runtime (>= 4.1.0)
      System.Threading (>= 4.0.11)
    System.Reflection (4.1.0)
      Microsoft.NETCore.Platforms (>= 1.0.1)
      Microsoft.NETCore.Targets (>= 1.0.1)
      System.IO (>= 4.1.0)
      System.Reflection.Primitives (>= 4.0.1)
      System.Runtime (>= 4.1.0)
    System.Reflection.Emit (4.0.1)
      System.IO (>= 4.1.0)
      System.Reflection (>= 4.1.0)
      System.Reflection.Emit.ILGeneration (>= 4.0.1)
      System.Reflection.Primitives (>= 4.0.1)
      System.Runtime (>= 4.1.0)
    System.Reflection.Emit.ILGeneration (4.0.1)
      System.Reflection (>= 4.1.0)
      System.Reflection.Primitives (>= 4.0.1)
      System.Runtime (>= 4.1.0)
    System.Reflection.Emit.Lightweight (4.0.1)
      System.Reflection (>= 4.1.0)
      System.Reflection.Emit.ILGeneration (>= 4.0.1)
      System.Reflection.Primitives (>= 4.0.1)
      System.Runtime (>= 4.1.0)
    System.Reflection.Extensions (4.0.1)
      Microsoft.NETCore.Platforms (>= 1.0.1)
      Microsoft.NETCore.Targets (>= 1.0.1)
      System.Reflection (>= 4.1.0)
      System.Runtime (>= 4.1.0)
    System.Reflection.Primitives (4.0.1)
      Microsoft.NETCore.Platforms (>= 1.0.1)
      Microsoft.NETCore.Targets (>= 1.0.1)
      System.Runtime (>= 4.1.0)
    System.Reflection.TypeExtensions (4.1.0)
      System.Diagnostics.Contracts (>= 4.0.1) - framework: dnxcore50
      System.Diagnostics.Debug (>= 4.0.11) - framework: dnxcore50
      System.Linq (>= 4.1.0) - framework: dnxcore50
      System.Reflection (>= 4.1.0)
      System.Reflection.Primitives (>= 4.0.1) - framework: dnxcore50
      System.Resources.ResourceManager (>= 4.0.1) - framework: dnxcore50
      System.Runtime (>= 4.1.0)
      System.Runtime.Extensions (>= 4.1.0) - framework: dnxcore50
    System.Resources.ResourceManager (4.0.1)
      Microsoft.NETCore.Platforms (>= 1.0.1)
      Microsoft.NETCore.Targets (>= 1.0.1)
      System.Globalization (>= 4.0.11)
      System.Reflection (>= 4.1.0)
      System.Runtime (>= 4.1.0)
    System.Runtime (4.1.0)
      Microsoft.NETCore.Platforms (>= 1.0.1)
      Microsoft.NETCore.Targets (>= 1.0.1)
    System.Runtime.Extensions (4.1.0)
      Microsoft.NETCore.Platforms (>= 1.0.1)
      Microsoft.NETCore.Targets (>= 1.0.1)
      System.Runtime (>= 4.1.0)
    System.Runtime.Handles (4.0.1)
      Microsoft.NETCore.Platforms (>= 1.0.1)
      Microsoft.NETCore.Targets (>= 1.0.1)
      System.Runtime (>= 4.1.0)
    System.Runtime.InteropServices (4.1.0)
      Microsoft.NETCore.Platforms (>= 1.0.1)
      Microsoft.NETCore.Targets (>= 1.0.1)
      System.Reflection (>= 4.1.0)
      System.Reflection.Primitives (>= 4.0.1)
      System.Runtime (>= 4.1.0)
      System.Runtime.Handles (>= 4.0.1)
    System.Runtime.Serialization.Primitives (4.1.1)
      System.Resources.ResourceManager (>= 4.0.1)
      System.Runtime (>= 4.1.0)
    System.Text.Encoding (4.0.11)
      Microsoft.NETCore.Platforms (>= 1.0.1)
      Microsoft.NETCore.Targets (>= 1.0.1)
      System.Runtime (>= 4.1.0)
    System.Text.Encoding.Extensions (4.0.11)
      Microsoft.NETCore.Platforms (>= 1.0.1)
      Microsoft.NETCore.Targets (>= 1.0.1)
      System.Runtime (>= 4.1.0)
      System.Text.Encoding (>= 4.0.11)
    System.Text.RegularExpressions (4.1.0)
      System.Collections (>= 4.0.11)
      System.Globalization (>= 4.0.11)
      System.Resources.ResourceManager (>= 4.0.1)
      System.Runtime (>= 4.1.0)
      System.Runtime.Extensions (>= 4.1.0)
      System.Threading (>= 4.0.11)
    System.Threading (4.0.11)
      System.Runtime (>= 4.1.0)
      System.Threading.Tasks (>= 4.0.11)
    System.Threading.Tasks (4.0.11)
      Microsoft.NETCore.Platforms (>= 1.0.1)
      Microsoft.NETCore.Targets (>= 1.0.1)
      System.Runtime (>= 4.1.0)
    System.Threading.Tasks.Extensions (4.0.0)
      System.Collections (>= 4.0.11)
      System.Runtime (>= 4.1.0)
      System.Threading.Tasks (>= 4.0.11)
    System.Xml.ReaderWriter (4.0.11)
      System.Collections (>= 4.0.11)
      System.Diagnostics.Debug (>= 4.0.11)
      System.Globalization (>= 4.0.11)
      System.IO (>= 4.1.0)
      System.IO.FileSystem (>= 4.0.1)
      System.IO.FileSystem.Primitives (>= 4.0.1)
      System.Resources.ResourceManager (>= 4.0.1)
      System.Runtime (>= 4.1.0)
      System.Runtime.Extensions (>= 4.1.0)
      System.Runtime.InteropServices (>= 4.1.0)
      System.Text.Encoding (>= 4.0.11)
      System.Text.Encoding.Extensions (>= 4.0.11)
      System.Text.RegularExpressions (>= 4.1.0)
      System.Threading.Tasks (>= 4.0.11)
      System.Threading.Tasks.Extensions (>= 4.0.0)
    System.Xml.XDocument (4.0.11)
      System.Collections (>= 4.0.11)
      System.Diagnostics.Debug (>= 4.0.11)
      System.Diagnostics.Tools (>= 4.0.1)
      System.Globalization (>= 4.0.11)
      System.IO (>= 4.1.0)
      System.Reflection (>= 4.1.0)
      System.Resources.ResourceManager (>= 4.0.1)
      System.Runtime (>= 4.1.0)
      System.Runtime.Extensions (>= 4.1.0)
      System.Text.Encoding (>= 4.0.11)
      System.Threading (>= 4.0.11)
      System.Xml.ReaderWriter (>= 4.0.11)
